GEM
  remote: https://rubygems.org/
  specs:
    activesupport (6.0.6.1)
      concurrent-ruby (~> 1.0, >= 1.0.2)
      i18n (>= 0.7, < 2)
      minitest (~> 5.1)
      tzinfo (~> 1.1)
      zeitwerk (~> 2.2, >= 2.2.2)
    addressable (2.5.1)
      public_suffix (~> 2.0, >= 2.0.2)
    concurrent-ruby (1.2.0)
    faraday (0.12.1)
      multipart-post (>= 1.2, < 3)
    i18n (1.12.0)
      concurrent-ruby (~> 1.0)
    json (1.8.6)
    jwt (1.5.6)
    minitest (5.17.0)
    multipart-post (2.0.0)
    octokit (4.7.0)
      sawyer (~> 0.8.0, >= 0.5.3)
    public_suffix (2.0.5)
    rack (1.6.13)
    rack-protection (1.5.3)
      rack
    sawyer (0.8.1)
      addressable (>= 2.3.5, < 2.6)
      faraday (~> 0.8, < 1.0)
    sinatra (1.3.6)
      rack (~> 1.4)
      rack-protection (~> 1.3)
      tilt (~> 1.3, >= 1.3.3)
    thread_safe (0.3.6)
    tilt (1.4.1)
    tzinfo (1.2.11)
      thread_safe (~> 0.1)
    zeitwerk (2.6.6)

PLATFORMS
  ruby

DEPENDENCIES
  activesupport (~> 6.0)
  json (~> 1.8)
  jwt
  octokit
  sinatra (~> 1.3.5)

BUNDLED WITH
   1.17.1
